GEM
  remote: https://rubygems.org/
  specs:
    builder (3.2.3)
    gippix (0.0.5)
      nokogiri
    haml (5.1.2)
      temple (>= 0.8.0)
      tilt
    mini_portile2 (2.4.0)
    multi_json (1.13.1)
    mustermann (2.0.2)
      ruby2_keywords (~> 0.0.1)
    nokogiri (1.10.4)
      mini_portile2 (~> 2.4.0)
    nokogiri (1.10.4-java)
    rack (2.2.4)
    rack-protection (2.2.3)
      rack
    rake (12.3.3)
    ruby2_keywords (0.0.5)
    sinatra (2.2.3)
      mustermann (~> 2.0)
      rack (~> 2.2)
      rack-protection (= 2.2.3)
      tilt (~> 2.0)
    sinatra-contrib (2.2.3)
      multi_json
      mustermann (~> 2.0)
      rack-protection (= 2.2.3)
      sinatra (= 2.2.3)
      tilt (~> 2.0)
    sinatra-reloader (1.0)
      sinatra-contrib
    temple (0.8.1)
    tilt (2.0.11)

PLATFORMS
  java
  x86_64-linux

DEPENDENCIES
  builder
  gippix
  haml
  rake
  sinatra
  sinatra-reloader

BUNDLED WITH
   2.0.2
